NUGET
  remote: http://nuget.org/api/v2
  specs:
    FAKE (4.10.1)
    FSharp.Compiler.Service (1.4.2.1)
    FSharp.Core (4.0.0.1)
    FunScript (1.1.94)
    FunScript.TypeScript.Binding.lib (1.1.0.37)
    Suave (0.33.0)
      FSharp.Core (>= 3.1.2.5)
GITHUB
  remote: matthid/Yaaf.FSharp.Scripting
  specs:
    src/source/Yaaf.FSharp.Scripting/YaafFSharpScripting.fs (34b163a2e9b8d81dde07c36cb6775c5bd9216bb6)